PATH
  remote: .
  specs:
    aka2 (0.1.6)
      colorize (~> 0)
      net-scp (~> 1.2, >= 1.2.1)
      safe_yaml (~> 1.0, >= 1.0.4)
      thor (~> 0.19.1)

GEM
  remote: https://rubygems.org/
  specs:
    colorize (0.7.7)
    minitest (5.7.0)
    net-scp (1.2.1)
      net-ssh (>= 2.6.5)
    net-ssh (2.9.2)
    rake (10.4.2)
    safe_yaml (1.0.4)
    thor (0.19.1)

PLATFORMS
  ruby

DEPENDENCIES
  aka2!
  bundler (~> 1.10)
  minitest (~> 5.7)
  rake (~> 10.0)

BUNDLED WITH
   1.10.6
